GEM
  remote: https://rubygems.org/
  specs:
    activesupport (3.2.14)
      i18n (~> 0.6, >= 0.6.4)
      multi_json (~> 1.0)
    colored (1.2)
    commander (4.1.4)
      highline (~> 1.6.11)
    hashr (0.0.22)
    highline (1.6.19)
    i18n (0.6.5)
    json (1.7.7)
    mime-types (1.21)
    multi_json (1.7.9)
    ocunit2junit (1.2)
    rest-client (1.6.7)
      mime-types (>= 1.16)
    xcodeproj (0.9.0)
      activesupport (~> 3.2.13)
      colored (~> 1.2)

PLATFORMS
  ruby

DEPENDENCIES
  commander
  hashr (~> 0.0.22)
  json (~> 1.7.6)
  ocunit2junit
  rest-client (~> 1.6.7)
  xcodeproj (~> 0.9.0)
