GEM
  remote: http://rubygems.org/
  specs:
    json (1.7.6)
    mime-types (1.19)
    rest-client (1.6.7)
      mime-types (>= 1.16)

PLATFORMS
  ruby

DEPENDENCIES
  json (~> 1.7.6)
  rest-client (~> 1.6.7)
